PATH
  remote: .
  specs:
    fixture_builder (0.2.2)
      active_support

GEM
  remote: http://rubygems.org/
  specs:
    active_support (3.0.0)
      activesupport (= 3.0.0)
    activesupport (3.0.0)
    rake (0.8.7)
    test-unit (2.3.0)

PLATFORMS
  ruby

DEPENDENCIES
  fixture_builder!
  rake (= 0.8.7)
  test-unit
