PATH
  remote: .
  specs:
    fixture_builder (0.2.2)
      active_support
      activerecord

GEM
  remote: http://rubygems.org/
  specs:
    active_support (3.0.0)
      activesupport (= 3.0.0)
    activemodel (3.0.0)
      activesupport (= 3.0.0)
      builder (~> 2.1.2)
      i18n (~> 0.4.1)
    activerecord (3.0.0)
      activemodel (= 3.0.0)
      activesupport (= 3.0.0)
      arel (~> 1.0.0)
      tzinfo (~> 0.3.23)
    activesupport (3.0.0)
    arel (1.0.1)
      activesupport (~> 3.0.0)
    builder (2.1.2)
    i18n (0.4.2)
    rake (0.8.7)
    sqlite3 (1.3.3)
    test-unit (2.3.0)
    tzinfo (0.3.29)

PLATFORMS
  ruby

DEPENDENCIES
  fixture_builder!
  rake (= 0.8.7)
  sqlite3
  test-unit
