PATH
  remote: .
  specs:
    fixture_builder (0.2.2)

GEM
  remote: http://rubygems.org/
  specs:
    ansi (1.2.5)
    rake (0.8.7)
    turn (0.8.2)
      ansi (>= 1.2.2)

PLATFORMS
  ruby

DEPENDENCIES
  fixture_builder!
  rake (= 0.8.7)
  turn
